GEM
  remote: https://rubygems.org/
  specs:
    backports (3.18.1)
    bcrypt (3.1.13)
    coderay (1.1.2)
    erubis (2.7.0)
    method_source (0.9.2)
    minitest (5.14.0)
    multi_json (1.14.1)
    mustermann (1.1.1)
      ruby2_keywords (~> 0.0.1)
    pry (0.12.2)
      coderay (~> 1.1.0)
      method_source (~> 0.9.0)
    rack (2.2.3)
    rack-protection (2.0.8.1)
      rack
    rack-test (1.1.0)
      rack (>= 1.0, < 3)
    redcarpet (3.5.0)
    ruby2_keywords (0.0.2)
    sinatra (2.0.8.1)
      mustermann (~> 1.0)
      rack (~> 2.0)
      rack-protection (= 2.0.8.1)
      tilt (~> 2.0)
    sinatra-contrib (2.0.8.1)
      backports (>= 2.8.2)
      multi_json
      mustermann (~> 1.0)
      rack-protection (= 2.0.8.1)
      sinatra (= 2.0.8.1)
      tilt (~> 2.0)
    tilt (2.0.10)

PLATFORMS
  ruby

DEPENDENCIES
  bcrypt
  erubis
  minitest
  pry
  rack (>= 1.6.12)
  rack-protection (>= 1.5.5)
  rack-test
  redcarpet
  sinatra (~> 2.0.8)
  sinatra-contrib

RUBY VERSION
   ruby 2.6.0p0

BUNDLED WITH
   1.17.2
